GEM
  remote: https://rubygems.org/
  specs:
    charlock_holmes (0.7.5)
    escape_utils (1.1.1)
    github-linguist (5.3.2)
      charlock_holmes (~> 0.7.5)
      escape_utils (~> 1.1.0)
      mime-types (>= 1.19)
      rugged (>= 0.25.1)
    licensee (9.4.0)
      rugged (~> 0.24)
    mime-types (3.1)
      mime-types-data (~> 3.2015)
    mime-types-data (3.2016.0521)
    rugged (0.26.0)

PLATFORMS
  ruby

DEPENDENCIES
  github-linguist
  licensee

BUNDLED WITH
   1.15.4
